GEM
  remote: http://rubygems.org/
  specs:
    RedCloth (4.2.7)
    active-fedora (2.2.0)
      active-fedora
      activeresource
      equivalent-xml
      facets
      mediashelf-loggable
      mime-types (>= 1.16)
      multipart-post
      nokogiri
      om (>= 1.0)
      solr-ruby (>= 0.0.6)
      solrizer (> 1.0.0)
      xml-simple (>= 1.0.12)
    activeresource (2.3.11)
      activesupport (= 2.3.11)
    activesupport (2.3.11)
    builder (3.0.0)
    columnize (0.3.2)
    daemons (1.1.3)
    equivalent-xml (0.2.6)
      nokogiri (>= 1.4.3)
    facets (2.9.1)
    jettywrapper (0.0.3)
    linecache (0.43)
    mediashelf-loggable (0.4.2)
    mime-types (1.16)
    mocha (0.9.12)
    multipart-post (1.1.0)
    nokogiri (1.4.4)
    om (1.2.4)
      nokogiri (>= 1.4.2)
      om
    rsolr (1.0.0)
      builder (>= 2.1.2)
    rspec (1.3.1)
    ruby-debug (0.10.4)
      columnize (>= 0.1)
      ruby-debug-base (~> 0.10.4.0)
    ruby-debug-base (0.10.4)
      linecache (>= 0.3)
    solr-ruby (0.0.8)
    solrizer (1.0.4)
      daemons
      mediashelf-loggable
      mediashelf-loggable
      nokogiri
      nokogiri
      nokogiri
      om
      om (>= 1.0.0)
      stomp
      xml-simple
    stomp (1.1.8)
    xml-simple (1.0.15)
    yard (0.6.8)

PLATFORMS
  ruby

DEPENDENCIES
  RedCloth
  active-fedora (>= 2.2.0)
  jettywrapper
  mocha
  rsolr
  rspec (< 2.0.0)
  ruby-debug
  ruby-debug-base
  solrizer (>= 1.0.0)
  yard
